GEM
  remote: http://rubygems.org/
  specs:
    ast (2.4.0)
    coderay (1.1.1)
    jaro_winkler (1.5.2)
    method_source (0.8.2)
    nokogiri (1.14.3-x86_64-linux)
      racc (~> 1.4)
    parallel (1.17.0)
    parser (2.6.3.0)
      ast (~> 2.4.0)
    pry (0.10.3)
      coderay (~> 1.1.0)
      method_source (~> 0.8.1)
      slop (~> 3.4)
    racc (1.6.2)
    rainbow (3.0.0)
    rubocop (0.71.0)
      jaro_winkler (~> 1.5.1)
      parallel (~> 1.10)
      parser (>= 2.6)
      rainbow (>= 2.2.2, < 4.0)
      ruby-progressbar (~> 1.7)
      unicode-display_width (>= 1.4.0, < 1.7)
    ruby-progressbar (1.10.1)
    sequel (5.20.0)
    slop (3.6.0)
    sorbet (0.4.4271)
      sorbet-static (= 0.4.4271)
    sorbet-runtime (0.4.4271)
    sorbet-static (0.4.4271-x86_64-linux)
    unicode-display_width (1.6.0)

PLATFORMS
  x86_64-linux

DEPENDENCIES
  nokogiri
  pry
  rubocop
  sequel
  sorbet
  sorbet-runtime

BUNDLED WITH
   2.0.1
